GEM
  remote: https://rubygems.org/
  specs:
    coderay (1.1.2)
    excon (0.81.0)
    method_source (0.9.2)
    pry (0.12.2)
      coderay (~> 1.1.0)
      method_source (~> 0.9.0)

PLATFORMS
  ruby

DEPENDENCIES
  excon
  pry

BUNDLED WITH
   2.2.14
